GEM
  remote: https://rubygems.org/
  specs:
    addressable (2.3.8)
    docker-api (1.26.2)
      excon (>= 0.38.0)
      json
    excon (0.47.0)
    json (1.8.3)
    json-schema (2.6.1)
      addressable (~> 2.3.8)

PLATFORMS
  ruby

DEPENDENCIES
  docker-api
  json-schema

BUNDLED WITH
   1.11.2
