GIT
  remote: git://github.com/Compass/compass-rails.git
  revision: a1c890628d61f62e61474de2c00dde2658251196
  branch: master
  specs:
    compass-rails (3.0.0)
      compass (~> 1.0.0)
      sass-rails (< 5.1)
      sprockets (< 4.0)

GIT
  remote: git://github.com/rails-api/active_model_serializers.git
  revision: 8aaaa44ba3d5b328fbbf92d59b9f3ecf1b802c8f
  specs:
    active_model_serializers (0.10.0.rc3)
      actionpack (>= 4.0)
      activemodel (>= 4.0)
      railties (>= 4.0)

GEM
  remote: https://rubygems.org/
  remote: https://rails-assets.org/
  specs:
    aasm (4.5.0)
    actionmailer (4.2.4)
      actionpack (= 4.2.4)
      actionview (= 4.2.4)
      activejob (= 4.2.4)
      mail (~> 2.5, >= 2.5.4)
      rails-dom-testing (~> 1.0, >= 1.0.5)
    actionpack (4.2.4)
      actionview (= 4.2.4)
      activesupport (= 4.2.4)
      rack (~> 1.6)
      rack-test (~> 0.6.2)
      rails-dom-testing (~> 1.0, >= 1.0.5)
      rails-html-sanitizer (~> 1.0, >= 1.0.2)
    actionview (4.2.4)
      activesupport (= 4.2.4)
      builder (~> 3.1)
      erubis (~> 2.7.0)
      rails-dom-testing (~> 1.0, >= 1.0.5)
      rails-html-sanitizer (~> 1.0, >= 1.0.2)
    activejob (4.2.4)
      activesupport (= 4.2.4)
      globalid (>= 0.3.0)
    activemodel (4.2.4)
      activesupport (= 4.2.4)
      builder (~> 3.1)
    activerecord (4.2.4)
      activemodel (= 4.2.4)
      activesupport (= 4.2.4)
      arel (~> 6.0)
    activesupport (4.2.4)
      i18n (~> 0.7)
      json (~> 1.7, >= 1.7.7)
      minitest (~> 5.1)
      thread_safe (~> 0.3, >= 0.3.4)
      tzinfo (~> 1.1)
    addressable (2.3.8)
    angular_rails_csrf (1.0.4)
      rails (>= 3, < 5)
    arel (6.0.3)
    awesome_print (1.6.1)
    binding_of_caller (0.7.2)
      debug_inspector (>= 0.0.1)
    builder (3.2.2)
    byebug (8.2.0)
    choice (0.2.0)
    chunky_png (1.3.5)
    coffee-rails (4.1.0)
      coffee-script (>= 2.2.0)
      railties (>= 4.0.0, < 5.0)
    coffee-script (2.4.1)
      coffee-script-source
      execjs
    coffee-script-source (1.10.0)
    compass (1.0.3)
      chunky_png (~> 1.2)
      compass-core (~> 1.0.2)
      compass-import-once (~> 1.0.5)
      rb-fsevent (>= 0.9.3)
      rb-inotify (>= 0.9)
      sass (>= 3.3.13, < 3.5)
    compass-core (1.0.3)
      multi_json (~> 1.0)
      sass (>= 3.3.0, < 3.5)
    compass-import-once (1.0.5)
      sass (>= 3.2, < 3.5)
    concurrent-ruby (1.0.0)
    connection_pool (2.2.0)
    debug_inspector (0.0.2)
    docker-api (1.23.0)
      excon (>= 0.38.0)
      json
    erubis (2.7.0)
    excon (0.45.4)
    execjs (2.6.0)
    ffi (1.9.10)
    globalid (0.3.6)
      activesupport (>= 4.1.0)
    haml (4.0.7)
      tilt
    haml-rails (0.9.0)
      actionpack (>= 4.0.1)
      activesupport (>= 4.0.1)
      haml (>= 4.0.6, < 5.0)
      html2haml (>= 1.0.1)
      railties (>= 4.0.1)
    html2haml (2.0.0)
      erubis (~> 2.7.0)
      haml (~> 4.0.0)
      nokogiri (~> 1.6.0)
      ruby_parser (~> 3.5)
    i18n (0.7.0)
    jbuilder (2.3.2)
      activesupport (>= 3.0.0, < 5)
      multi_json (~> 1.2)
    jquery-rails (4.0.5)
      rails-dom-testing (~> 1.0)
      railties (>= 4.2.0)
      thor (>= 0.14, < 2.0)
    json (1.8.3)
    json-schema (2.5.2)
      addressable (~> 2.3.8)
    libv8 (3.16.14.13)
    loofah (2.0.3)
      nokogiri (>= 1.5.9)
    mail (2.6.3)
      mime-types (>= 1.16, < 3)
    mime-types (2.6.2)
    mini_portile (0.6.2)
    minitest (5.8.2)
    multi_json (1.11.2)
    net-ping (1.7.8)
    net-ssh (3.0.1)
    nokogiri (1.6.6.2)
      mini_portile (~> 0.6.0)
    pg (0.18.4)
    rack (1.6.4)
    rack-test (0.6.3)
      rack (>= 1.0)
    rails (4.2.4)
      actionmailer (= 4.2.4)
      actionpack (= 4.2.4)
      actionview (= 4.2.4)
      activejob (= 4.2.4)
      activemodel (= 4.2.4)
      activerecord (= 4.2.4)
      activesupport (= 4.2.4)
      bundler (>= 1.3.0, < 2.0)
      railties (= 4.2.4)
      sprockets-rails
    rails-assets-angular (1.4.8)
    rails-assets-angular-animate (1.4.8)
      rails-assets-angular (= 1.4.8)
    rails-assets-angular-aria (1.4.8)
      rails-assets-angular (= 1.4.8)
    rails-assets-angular-formly (7.3.4)
      rails-assets-angular (>= 1.2.0, < 2)
      rails-assets-api-check (>= 7.0.0, < 8)
    rails-assets-angular-material (0.11.4)
      rails-assets-angular
      rails-assets-angular-animate
      rails-assets-angular-aria
    rails-assets-angular-material-data-table (0.8.14)
      rails-assets-angular (>= 1.4.0, < 2)
      rails-assets-angular-material (~> 0.0)
    rails-assets-angular-ui-router (0.2.15)
      rails-assets-angular (>= 1.0.8)
    rails-assets-angular-uuid4 (0.3.1)
      rails-assets-angular (> 0.9.0)
    rails-assets-api-check (7.5.5)
    rails-assets-lodash (3.10.1)
    rails-assets-restangular (1.5.1)
      rails-assets-angular (~> 1.0)
      rails-assets-lodash (>= 1.3.0)
    rails-assets-ui-router (0.2.15)
      rails-assets-angular (>= 1.0.8)
    rails-assets-ui-router-extras (0.1.0)
      rails-assets-angular (>= 1.2.0, < 2)
      rails-assets-angular-ui-router (>= 0.2.8, < 0.3)
    rails-deprecated_sanitizer (1.0.3)
      activesupport (>= 4.2.0.alpha)
    rails-dom-testing (1.0.7)
      activesupport (>= 4.2.0.beta, < 5.0)
      nokogiri (~> 1.6.0)
      rails-deprecated_sanitizer (>= 1.0.1)
    rails-erd (1.4.4)
      activerecord (>= 3.2)
      activesupport (>= 3.2)
      choice (~> 0.2.0)
      ruby-graphviz (~> 1.2)
    rails-html-sanitizer (1.0.2)
      loofah (~> 2.0)
    railties (4.2.4)
      actionpack (= 4.2.4)
      activesupport (= 4.2.4)
      rake (>= 0.8.7)
      thor (>= 0.18.1, < 2.0)
    rake (10.4.2)
    rb-fsevent (0.9.6)
    rb-inotify (0.9.5)
      ffi (>= 0.5.0)
    redis (3.2.2)
    ref (2.0.0)
    ruby-graphviz (1.2.2)
    ruby_parser (3.7.2)
      sexp_processor (~> 4.1)
    sass (3.4.19)
    sass-rails (5.0.4)
      railties (>= 4.0.0, < 5.0)
      sass (~> 3.1)
      sprockets (>= 2.8, < 4.0)
      sprockets-rails (>= 2.0, < 4.0)
      tilt (>= 1.1, < 3)
    sexp_processor (4.6.0)
    sidekiq (4.0.1)
      concurrent-ruby (~> 1.0)
      connection_pool (~> 2.2, >= 2.2.0)
      json (~> 1.0)
      redis (~> 3.2, >= 3.2.1)
    spring (1.4.1)
    sprockets (3.4.0)
      rack (> 1, < 3)
    sprockets-rails (2.3.3)
      actionpack (>= 3.0)
      activesupport (>= 3.0)
      sprockets (>= 2.8, < 4.0)
    therubyracer (0.12.2)
      libv8 (~> 3.16.14.0)
      ref
    thor (0.19.1)
    thread_safe (0.3.5)
    tilt (2.0.1)
    tzinfo (1.2.2)
      thread_safe (~> 0.1)
    uglifier (2.7.2)
      execjs (>= 0.3.0)
      json (>= 1.8.0)
    web-console (2.2.1)
      activemodel (>= 4.0)
      binding_of_caller (>= 0.7.2)
      railties (>= 4.0)
      sprockets-rails (>= 2.0, < 4.0)
    webhostinghub-glyphs-rails (0.0.9)

PLATFORMS
  ruby

DEPENDENCIES
  aasm
  active_model_serializers!
  angular_rails_csrf
  awesome_print
  byebug
  coffee-rails (~> 4.1.0)
  compass-rails!
  docker-api
  haml-rails
  jbuilder (~> 2.0)
  jquery-rails
  json-schema
  net-ping
  net-ssh
  pg
  rails (= 4.2.4)
  rails-assets-angular!
  rails-assets-angular-animate!
  rails-assets-angular-aria!
  rails-assets-angular-formly!
  rails-assets-angular-material!
  rails-assets-angular-material-data-table!
  rails-assets-angular-uuid4!
  rails-assets-api-check!
  rails-assets-lodash!
  rails-assets-restangular!
  rails-assets-ui-router!
  rails-assets-ui-router-extras!
  rails-erd
  sass-rails (~> 5.0)
  sidekiq
  spring
  sprockets
  therubyracer
  uglifier (>= 1.3.0)
  web-console (~> 2.0)
  webhostinghub-glyphs-rails

BUNDLED WITH
   1.11.0.pre.1
