GEM
  remote: https://rubygems.org/
  specs:
    activesupport (4.2.5.2)
      i18n (~> 0.7)
      json (~> 1.7, >= 1.7.7)
      minitest (~> 5.1)
      thread_safe (~> 0.3, >= 0.3.4)
      tzinfo (~> 1.1)
    amq-protocol (2.0.1)
    bunny (2.3.0)
      amq-protocol (>= 2.0.1)
    carrot-top (0.0.7)
      json
    coderay (1.1.1)
    docker-api (1.26.2)
      excon (>= 0.38.0)
      json
    excon (0.47.0)
    hutch (0.21.0)
      activesupport (>= 3.0)
      bunny (>= 2.2.2)
      carrot-top (~> 0.0.7)
      multi_json (~> 1.11.2)
    i18n (0.7.0)
    json (1.8.3)
    method_source (0.8.2)
    minitest (5.8.4)
    multi_json (1.11.2)
    pry (0.10.3)
      coderay (~> 1.1.0)
      method_source (~> 0.8.1)
      slop (~> 3.4)
    slop (3.6.0)
    thread_safe (0.3.5)
    tzinfo (1.2.2)
      thread_safe (~> 0.1)

PLATFORMS
  ruby

DEPENDENCIES
  docker-api
  hutch
  pry

BUNDLED WITH
   1.11.2
